GEM
  remote: https://rubygems.org/
  specs:
    byebug (11.0.1)
    concurrent-ruby (1.1.5)
    dotenv (2.7.1)
    dry-auto_inject (0.6.0)
      dry-container (>= 0.3.4)
    dry-configurable (0.8.2)
      concurrent-ruby (~> 1.0)
      dry-core (~> 0.4, >= 0.4.7)
    dry-container (0.7.0)
      concurrent-ruby (~> 1.0)
      dry-configurable (~> 0.1, >= 0.1.3)
    dry-core (0.4.7)
      concurrent-ruby (~> 1.0)
    dry-equalizer (0.2.2)
    dry-events (0.1.0)
      concurrent-ruby (~> 1.0)
      dry-core (~> 0.4)
      dry-equalizer (~> 0.2)
    dry-inflector (0.1.2)
    dry-initializer (1.4.1)
    dry-logic (0.4.2)
      dry-container (~> 0.2, >= 0.2.6)
      dry-core (~> 0.2)
      dry-equalizer (~> 0.2)
    dry-matcher (0.7.0)
    dry-monads (1.2.0)
      concurrent-ruby (~> 1.0)
      dry-core (~> 0.4, >= 0.4.4)
      dry-equalizer
    dry-monitor (0.3.0)
      dry-configurable (~> 0.5)
      dry-core (~> 0.4)
      dry-equalizer (~> 0.2)
      dry-events (~> 0.1)
    dry-struct (0.3.1)
      dry-configurable (~> 0.1)
      dry-core (~> 0.3)
      dry-equalizer (~> 0.2)
      dry-types (~> 0.9, >= 0.9.0)
      ice_nine (~> 0.11)
    dry-system (0.9.2)
      concurrent-ruby (~> 1.0)
      dry-auto_inject (>= 0.4.0)
      dry-configurable (~> 0.7, >= 0.7.0)
      dry-container (~> 0.6)
      dry-core (>= 0.3.1)
      dry-equalizer (~> 0.2)
      dry-inflector (~> 0.1)
      dry-struct (~> 0.3)
    dry-transaction (0.13.0)
      dry-container (>= 0.2.8)
      dry-events (>= 0.1.0)
      dry-matcher (>= 0.7.0)
      dry-monads (>= 0.4.0)
    dry-types (0.11.1)
      concurrent-ruby (~> 1.0)
      dry-configurable (~> 0.1)
      dry-container (~> 0.3)
      dry-core (~> 0.2, >= 0.2.1)
      dry-equalizer (~> 0.2)
      dry-logic (~> 0.4, >= 0.4.0)
      inflecto (~> 0.0.0, >= 0.0.2)
    ethon (0.12.0)
      ffi (>= 1.3.0)
    ffi (1.10.0)
    hanami-model (1.3.2)
      concurrent-ruby (~> 1.0)
      dry-logic (~> 0.4.2, < 0.5)
      dry-types (~> 0.11.0)
      hanami-utils (~> 1.3)
      rom (~> 3.3, >= 3.3.3)
      rom-repository (~> 1.4)
      rom-sql (~> 1.3, >= 1.3.5)
    hanami-utils (1.3.1)
      concurrent-ruby (~> 1.0)
      transproc (~> 1.0)
    ice_nine (0.11.2)
    inflecto (0.0.2)
    oauth (0.5.4)
    pg (1.1.4)
    rom (3.3.3)
      concurrent-ruby (~> 1.0)
      dry-core (~> 0.3)
      dry-equalizer (~> 0.2)
      dry-initializer (~> 1.3)
      dry-types (~> 0.9, >= 0.9.4)
      rom-mapper (~> 0.5, >= 0.5.1)
    rom-mapper (0.5.1)
      dry-core (~> 0.2, >= 0.2.3)
      dry-equalizer (~> 0.2)
      transproc (~> 1.0)
    rom-repository (1.4.0)
      dry-core (~> 0.3, >= 0.3.1)
      dry-struct (~> 0.3)
      rom (~> 3.3)
      rom-mapper (~> 0.5)
    rom-sql (1.3.5)
      dry-core (~> 0.3)
      dry-equalizer (~> 0.2)
      dry-types (~> 0.11.0)
      rom (~> 3.2, >= 3.2.2)
      sequel (~> 4.43)
    rubyzip (1.2.2)
    sequel (4.49.0)
    transproc (1.0.3)
    typhoeus (1.3.1)
      ethon (>= 0.9.0)

PLATFORMS
  ruby

DEPENDENCIES
  byebug
  dotenv
  dry-monitor
  dry-system
  dry-transaction
  hanami-model
  oauth (~> 0.5)
  pg (~> 1.1)
  rubyzip
  typhoeus (~> 1.3)

BUNDLED WITH
   2.0.1
